GEM
  remote: http://rubygems.org/
  specs:
    Ascii85 (1.0.2)
    awesome_print (1.1.0)
    curl (0.0.9)
      awesome_print (>= 0.2.1)
      unidecoder (>= 1.1.1)
    hashery (2.0.1)
    highline (1.6.15)
    pdf-reader (1.2.0)
      Ascii85 (~> 1.0.0)
      hashery (~> 2.0)
      ruby-rc4
    prawn (0.12.0)
      pdf-reader (>= 0.9.0)
      ttfunk (~> 1.0.2)
    ruby-rc4 (0.1.5)
    ttfunk (1.0.3)
    unidecoder (1.1.1)

PLATFORMS
  x86-mingw32

DEPENDENCIES
  curl
  highline
  prawn
